GEM
  remote: https://rubygems.org/
  specs:
    activemodel (3.2.22.5)
      activesupport (= 3.2.22.5)
      builder (~> 3.0.0)
    activesupport (3.2.22.5)
      i18n (~> 0.6, >= 0.6.4)
      multi_json (~> 1.0)
    bson (1.12.5)
    bson_ext (1.12.5)
      bson (~> 1.12.5)
    builder (3.0.4)
    faker (1.6.6)
      i18n (~> 0.5)
    i18n (0.7.0)
    mongo (1.12.5)
      bson (= 1.12.5)
    mongoid (2.8.1)
      activemodel (~> 3.1)
      mongo (~> 1.9)
      tzinfo (~> 0.3.22)
    multi_json (1.12.1)
    tzinfo (0.3.52)

PLATFORMS
  ruby

DEPENDENCIES
  bson_ext
  faker
  mongoid (~> 2.8.1)

RUBY VERSION
   ruby 2.2.2p95

BUNDLED WITH
   1.13.6
